PATH
  remote: .
  specs:
    salesforce_chunker (1.2.2)
      httparty (~> 0.15)

GEM
  remote: https://rubygems.org/
  specs:
    coderay (1.1.2)
    httparty (0.21.0)
      mini_mime (>= 1.0.0)
      multi_xml (>= 0.5.2)
    metaclass (0.0.4)
    method_source (0.9.0)
    mini_mime (1.1.2)
    minitest (5.11.3)
    mocha (1.5.0)
      metaclass (~> 0.0.1)
    multi_xml (0.6.0)
    pry (0.11.3)
      coderay (~> 1.1.0)
      method_source (~> 0.9.0)
    rake (10.5.0)

PLATFORMS
  ruby

DEPENDENCIES
  bundler (~> 1.16)
  minitest (~> 5.0)
  mocha (~> 1.5)
  pry (~> 0.11)
  rake (~> 10.0)
  salesforce_chunker!

BUNDLED WITH
   1.17.3
